GEM
  remote: http://rubygems.org/
  remote: http://gems.github.com/
  specs:
    bourne (1.0)
      mocha (= 0.9.8)
    i18n (0.4.2)
    minitest (2.0.0)
    mocha (0.9.8)
      rake
    oauth (0.4.4)
    rake (0.8.7)
    shoulda (2.11.3)
    simplecov (0.3.7)
      simplecov-html (>= 0.3.7)
    simplecov-html (0.3.9)
    yajl-ruby (0.8.2)

PLATFORMS
  ruby

DEPENDENCIES
  bourne
  i18n
  minitest
  mocha
  oauth
  rake (~> 0.8.7)
  shoulda
  simplecov
  yajl-ruby
